PATH
  remote: .
  specs:
    ruby_terminal_games (0.0.1)
      colorize
      curses

GEM
  remote: https://rubygems.org/
  specs:
    colorize (0.7.7)
    curses (1.0.1)

PLATFORMS
  ruby

DEPENDENCIES
  ruby_terminal_games!

BUNDLED WITH
   1.10.5
